GEM
  remote: https://rubygems.org/
  specs:
    gemoji (2.1.0)

PLATFORMS
  ruby

DEPENDENCIES
  gemoji (~> 2.0)

RUBY VERSION
   ruby 2.7.5p203

BUNDLED WITH
   2.1.4
