GEM
  remote: https://rubygems.org/
  specs:
    gemoji (3.0.1)

PLATFORMS
  ruby

DEPENDENCIES
  gemoji (~> 3.0)

RUBY VERSION
   ruby 3.1.0p0

BUNDLED WITH
   2.1.4
